PATH
  remote: .
  specs:
    metasploit-framework (4.11.0.pre.dev)
      actionpack (>= 3.2.21, < 4.0.0)
      activesupport (>= 3.2.21, < 4.0.0)
      bcrypt
      jsobfu (~> 0.2.0)
      json
      metasploit-concern (= 0.4.0)
      metasploit-model (~> 0.29.0)
      metasploit-payloads (= 0.0.3)
      msgpack
      nokogiri
      packetfu (= 1.1.9)
      railties
      rb-readline-r7
      recog (~> 1.0)
      robots
      rubyzip (~> 1.1)
      sqlite3
      tzinfo
    metasploit-framework-db (4.11.0.pre.dev)
      activerecord (>= 3.2.21, < 4.0.0)
      metasploit-credential (= 0.14.5)
      metasploit-framework (= 4.11.0.pre.dev)
      metasploit_data_models (= 0.24.0)
      pg (>= 0.11)
    metasploit-framework-pcap (4.11.0.pre.dev)
      metasploit-framework (= 4.11.0.pre.dev)
      network_interface (~> 0.0.1)
      pcaprub

GEM
  remote: https://rubygems.org/
  specs:
    actionmailer (3.2.21)
      actionpack (= 3.2.21)
      mail (~> 2.5.4)
    actionpack (3.2.21)
      activemodel (= 3.2.21)
      activesupport (= 3.2.21)
      builder (~> 3.0.0)
      erubis (~> 2.7.0)
      journey (~> 1.0.4)
      rack (~> 1.4.5)
      rack-cache (~> 1.2)
      rack-test (~> 0.6.1)
      sprockets (~> 2.2.1)
    activemodel (3.2.21)
      activesupport (= 3.2.21)
      builder (~> 3.0.0)
    activerecord (3.2.21)
      activemodel (= 3.2.21)
      activesupport (= 3.2.21)
      arel (~> 3.0.2)
      tzinfo (~> 0.3.29)
    activeresource (3.2.21)
      activemodel (= 3.2.21)
      activesupport (= 3.2.21)
    activesupport (3.2.21)
      i18n (~> 0.6, >= 0.6.4)
      multi_json (~> 1.0)
    arel (3.0.3)
    arel-helpers (2.1.0)
      activerecord (>= 3.1.0, < 5)
    aruba (0.6.1)
      childprocess (>= 0.3.6)
      cucumber (>= 1.1.1)
      rspec-expectations (>= 2.7.0)
    bcrypt (3.1.10)
    builder (3.0.4)
    capybara (2.4.1)
      mime-types (>= 1.16)
      nokogiri (>= 1.3.3)
      rack (>= 1.0.0)
      rack-test (>= 0.5.4)
      xpath (~> 2.0)
    childprocess (0.5.3)
      ffi (~> 1.0, >= 1.0.11)
    coderay (1.1.0)
    cucumber (1.2.1)
      builder (>= 2.1.2)
      diff-lcs (>= 1.1.3)
      gherkin (~> 2.11.0)
      json (>= 1.4.6)
    cucumber-rails (1.4.0)
      capybara (>= 1.1.2)
      cucumber (>= 1.2.0)
      nokogiri (>= 1.5.0)
      rails (>= 3.0.0)
    diff-lcs (1.2.5)
    erubis (2.7.0)
    factory_girl (4.4.0)
      activesupport (>= 3.0.0)
    factory_girl_rails (4.4.1)
      factory_girl (~> 4.4.0)
      railties (>= 3.0.0)
    ffi (1.9.3)
    fivemat (1.2.1)
    gherkin (2.11.6)
      json (>= 1.7.6)
    hike (1.2.3)
    i18n (0.7.0)
    journey (1.0.4)
    jsobfu (0.2.1)
      rkelly-remix (= 0.0.6)
    json (1.8.2)
    mail (2.5.4)
      mime-types (~> 1.16)
      treetop (~> 1.4.8)
    metasploit-concern (0.4.0)
      activesupport (~> 3.0, >= 3.0.0)
      railties (< 4.0.0)
    metasploit-credential (0.14.5)
      metasploit-concern (= 0.4.0)
      metasploit-model (~> 0.29.0)
      metasploit_data_models (= 0.24.0)
      pg
      railties (< 4.0.0)
      rubyntlm
      rubyzip (~> 1.1)
    metasploit-model (0.29.2)
      activesupport
      railties (< 4.0.0)
    metasploit-payloads (0.0.3)
    metasploit_data_models (0.24.0)
      activerecord (>= 3.2.13, < 4.0.0)
      activesupport
      arel-helpers
      metasploit-concern (= 0.4.0)
      metasploit-model (~> 0.29.0)
      pg
      railties (< 4.0.0)
      recog (~> 1.0)
    method_source (0.8.2)
    mime-types (1.25.1)
    mini_portile (0.6.2)
    msgpack (0.5.11)
    multi_json (1.0.4)
    network_interface (0.0.1)
    nokogiri (1.6.6.2)
      mini_portile (~> 0.6.0)
    packetfu (1.1.9)
    pcaprub (0.11.3)
    pg (0.18.1)
    polyglot (0.3.5)
    pry (0.10.0)
      coderay (~> 1.1.0)
      method_source (~> 0.8.1)
      slop (~> 3.4)
    rack (1.4.5)
    rack-cache (1.2)
      rack (>= 0.4)
    rack-ssl (1.3.4)
      rack
    rack-test (0.6.3)
      rack (>= 1.0)
    rails (3.2.21)
      actionmailer (= 3.2.21)
      actionpack (= 3.2.21)
      activerecord (= 3.2.21)
      activeresource (= 3.2.21)
      activesupport (= 3.2.21)
      bundler (~> 1.0)
      railties (= 3.2.21)
    railties (3.2.21)
      actionpack (= 3.2.21)
      activesupport (= 3.2.21)
      rack-ssl (~> 1.3.2)
      rake (>= 0.8.7)
      rdoc (~> 3.4)
      thor (>= 0.14.6, < 2.0)
    rake (10.4.2)
    rb-readline-r7 (0.5.2.0)
    rdoc (3.12.2)
      json (~> 1.4)
    recog (1.0.27)
      nokogiri
    redcarpet (3.2.3)
    rkelly-remix (0.0.6)
    robots (0.10.1)
    rspec (2.99.0)
      rspec-core (~> 2.99.0)
      rspec-expectations (~> 2.99.0)
      rspec-mocks (~> 2.99.0)
    rspec-collection_matchers (1.0.0)
      rspec-expectations (>= 2.99.0.beta1)
    rspec-core (2.99.1)
    rspec-expectations (2.99.2)
      diff-lcs (>= 1.1.3, < 2.0)
    rspec-mocks (2.99.2)
    rspec-rails (2.99.0)
      actionpack (>= 3.0)
      activemodel (>= 3.0)
      activesupport (>= 3.0)
      railties (>= 3.0)
      rspec-collection_matchers
      rspec-core (~> 2.99.0)
      rspec-expectations (~> 2.99.0)
      rspec-mocks (~> 2.99.0)
    rubyntlm (0.5.0)
    rubyzip (1.1.7)
    shoulda-matchers (2.6.2)
    simplecov (0.5.4)
      multi_json (~> 1.0.3)
      simplecov-html (~> 0.5.3)
    simplecov-html (0.5.3)
    slop (3.6.0)
    sprockets (2.2.3)
      hike (~> 1.2)
      multi_json (~> 1.0)
      rack (~> 1.0)
      tilt (~> 1.1, != 1.3.0)
    sqlite3 (1.3.10)
    thor (0.19.1)
    tilt (1.4.1)
    timecop (0.7.1)
    treetop (1.4.15)
      polyglot
      polyglot (>= 0.3.1)
    tzinfo (0.3.43)
    xpath (2.0.0)
      nokogiri (~> 1.3)
    yard (0.8.7.4)

PLATFORMS
  ruby

DEPENDENCIES
  aruba
  cucumber-rails
  factory_girl (>= 4.1.0)
  factory_girl_rails
  fivemat (= 1.2.1)
  metasploit-framework!
  metasploit-framework-db!
  metasploit-framework-pcap!
  pry
  rake (>= 10.0.0)
  redcarpet
  rspec (>= 2.12, < 3.0.0)
  rspec-rails (>= 2.12, < 3.0.0)
  shoulda-matchers
  simplecov (= 0.5.4)
  timecop
  yard
